GIT
  remote: https://github.com/Tak/fixedqueue
  revision: d3574e561cec2a08c705d753c9249196bc803761
  branch: master
  specs:
    fixedqueue (0.1.0)

GIT
  remote: https://github.com/Tak/shortbus
  revision: 8e3ca4dc806eca45793bddf528f0795e496982a9
  branch: master
  specs:
    shortbus (0.1.0)
      ruby-dbus

PATH
  remote: .
  specs:
    reeval (0.1.0)

GEM
  remote: https://rubygems.org/
  specs:
    diff-lcs (1.3)
    rake (10.5.0)
    rspec (3.8.0)
      rspec-core (~> 3.8.0)
      rspec-expectations (~> 3.8.0)
      rspec-mocks (~> 3.8.0)
    rspec-core (3.8.0)
      rspec-support (~> 3.8.0)
    rspec-expectations (3.8.1)
      diff-lcs (>= 1.2.0, < 2.0)
      rspec-support (~> 3.8.0)
    rspec-mocks (3.8.0)
      diff-lcs (>= 1.2.0, < 2.0)
      rspec-support (~> 3.8.0)
    rspec-support (3.8.0)
    ruby-dbus (0.15.0)

PLATFORMS
  ruby

DEPENDENCIES
  bundler (~> 1.16)
  fixedqueue!
  rake (~> 10.0)
  reeval!
  rspec (~> 3.0)
  shortbus!

BUNDLED WITH
   1.16.4
