GIT
  remote: https://github.com/Tak/fixedqueue
  revision: 18f71b950d650a35abc9e3cd2e4136626c591e8b
  branch: trunk
  specs:
    fixedqueue (0.1.0)

GIT
  remote: https://github.com/Tak/shortbus
  revision: 97d73b2cfcf5003f1c999ebdbe9fb5205a17759c
  branch: trunk
  specs:
    shortbus (0.1.0)
      ruby-dbus

PATH
  remote: .
  specs:
    reeval (0.1.0)

GEM
  remote: https://rubygems.org/
  specs:
    diff-lcs (1.3)
    rake (13.0.1)
    rspec (3.8.0)
      rspec-core (~> 3.8.0)
      rspec-expectations (~> 3.8.0)
      rspec-mocks (~> 3.8.0)
    rspec-core (3.8.0)
      rspec-support (~> 3.8.0)
    rspec-expectations (3.8.1)
      diff-lcs (>= 1.2.0, < 2.0)
      rspec-support (~> 3.8.0)
    rspec-mocks (3.8.0)
      diff-lcs (>= 1.2.0, < 2.0)
      rspec-support (~> 3.8.0)
    rspec-support (3.8.0)
    ruby-dbus (0.16.0)

PLATFORMS
  ruby

DEPENDENCIES
  bundler (~> 1.16)
  fixedqueue!
  rake (~> 13.0)
  reeval!
  rspec (~> 3.0)
  shortbus!

BUNDLED WITH
   1.16.4
