GIT
  remote: https://github.com/Tak/fixedqueue
  revision: c19d5aa84e8601203cf3f130e6eb13bb3a88b203
  branch: trunk
  specs:
    fixedqueue (0.1.0)

GIT
  remote: https://github.com/Tak/shortbus
  revision: 97d73b2cfcf5003f1c999ebdbe9fb5205a17759c
  branch: trunk
  specs:
    shortbus (0.1.0)
      ruby-dbus

PATH
  remote: .
  specs:
    reeval (0.1.0)
      fixedqueue

GEM
  remote: https://rubygems.org/
  specs:
    diff-lcs (1.4.4)
    rake (13.0.3)
    rspec (3.10.0)
      rspec-core (~> 3.10.0)
      rspec-expectations (~> 3.10.0)
      rspec-mocks (~> 3.10.0)
    rspec-core (3.10.1)
      rspec-support (~> 3.10.0)
    rspec-expectations (3.10.1)
      diff-lcs (>= 1.2.0, < 2.0)
      rspec-support (~> 3.10.0)
    rspec-mocks (3.10.2)
      diff-lcs (>= 1.2.0, < 2.0)
      rspec-support (~> 3.10.0)
    rspec-support (3.10.2)
    ruby-dbus (0.16.0)

PLATFORMS
  ruby

DEPENDENCIES
  bundler (~> 2.1)
  fixedqueue!
  rake (~> 13.0)
  reeval!
  rspec (~> 3.0)
  shortbus!

BUNDLED WITH
   2.1.4
